

GROUP Build
NUGET
  remote: https://api.nuget.org/v3/index.json
    FAKE (4.62.6)
    Microsoft.Bcl (1.1.10) - restriction: && (< net45) (< portable-win81+wpa81) (< win8)
      Microsoft.Bcl.Build (>= 1.0.14)
    Microsoft.Bcl.Build (1.0.21) - import_targets: false, restriction: && (< net45) (< portable-win81+wpa81) (< win8)
    Microsoft.Net.Http (2.2.29) - restriction: && (< net45) (< portable-win81+wpa81) (< win8)
      Microsoft.Bcl (>= 1.1.10)
      Microsoft.Bcl.Build (>= 1.0.14)
    NuGet.CommandLine (4.1)
    Octokit (0.24)
      Microsoft.Net.Http  - restriction: && (< net45) (< portable-win81+wpa81) (< win8)
GITHUB
  remote: fsharp/FAKE
    modules/Octokit/Octokit.fsx (2bd41546d8549654ad4d4b5639425537afe5e1f7)
      Octokit (>= 0.20)